GEM
  remote: http://rubygems.org/
  specs:
    hoe (2.12.3)
      rake (~> 0.8)
    minitest (2.6.0)
    rake (0.9.2)

PLATFORMS
  ruby

DEPENDENCIES
  hoe (~> 2.10)
  minitest (~> 2.3)
